PATH
  remote: .
  specs:
    agendor-ruby (2.5.0)
      httparty

GEM
  remote: http://rubygems.org/
  specs:
    activesupport (5.1.4)
      concurrent-ruby (~> 1.0, >= 1.0.2)
      i18n (~> 0.7)
      minitest (~> 5.1)
      tzinfo (~> 1.1)
    addressable (2.7.0)
      public_suffix (>= 2.0.2, < 5.0)
    codeclimate-test-reporter (1.0.7)
      simplecov
    concurrent-ruby (1.0.5)
    concurrent-ruby (1.0.5-java)
    crack (0.4.5)
      rexml
    diff-lcs (1.3)
    docile (1.1.5)
    hashdiff (1.0.1)
    httparty (0.18.1)
      mime-types (~> 3.0)
      multi_xml (>= 0.5.2)
    i18n (0.9.3)
      concurrent-ruby (~> 1.0)
    json (1.8.6)
    json (1.8.6-java)
    mime-types (3.3.1)
      mime-types-data (~> 3.2015)
    mime-types-data (3.2020.1104)
    minitest (5.11.1)
    multi_xml (0.6.0)
    public_suffix (4.0.6)
    rexml (3.2.4)
    rspec (3.7.0)
      rspec-core (~> 3.7.0)
      rspec-expectations (~> 3.7.0)
      rspec-mocks (~> 3.7.0)
    rspec-core (3.7.1)
      rspec-support (~> 3.7.0)
    rspec-expectations (3.7.0)
      diff-lcs (>= 1.2.0, < 2.0)
      rspec-support (~> 3.7.0)
    rspec-mocks (3.7.0)
      diff-lcs (>= 1.2.0, < 2.0)
      rspec-support (~> 3.7.0)
    rspec-support (3.7.0)
    shoulda (3.5.0)
      shoulda-context (~> 1.0, >= 1.0.1)
      shoulda-matchers (>= 1.4.1, < 3.0)
    shoulda-context (1.2.2)
    shoulda-matchers (2.8.0)
      activesupport (>= 3.0.0)
    simplecov (0.15.1)
      docile (~> 1.1.0)
      json (>= 1.8, < 3)
      simplecov-html (~> 0.10.0)
    simplecov-html (0.10.2)
    thread_safe (0.3.6)
    thread_safe (0.3.6-java)
    tzinfo (1.2.4)
      thread_safe (~> 0.1)
    vcr (3.0.3)
    webmock (3.11.2)
      addressable (>= 2.3.6)
      crack (>= 0.3.2)
      hashdiff (>= 0.4.0, < 2.0.0)

PLATFORMS
  java
  ruby
  x86_64-darwin-19

DEPENDENCIES
  agendor-ruby!
  bundler (~> 1.0)
  codeclimate-test-reporter
  rspec
  shoulda
  simplecov
  vcr
  webmock

RUBY VERSION
   ruby 2.6.6p146

BUNDLED WITH
   1.17.3
